PATH
  remote: .
  specs:
    ebay (0.0.1)
      nokogiri
      rest-client

GEM
  remote: http://rubygems.org/
  specs:
    mime-types (1.17.2)
    nokogiri (1.5.0)
    rest-client (1.6.7)
      mime-types (>= 1.16)

PLATFORMS
  ruby

DEPENDENCIES
  ebay!
